GEM
  remote: https://rubygems.org/
  specs:
    activemodel (5.1.1)
      activesupport (= 5.1.1)
    activerecord (5.1.1)
      activemodel (= 5.1.1)
      activesupport (= 5.1.1)
      arel (~> 8.0)
    activesupport (5.1.1)
      concurrent-ruby (~> 1.0, >= 1.0.2)
      i18n (~> 0.7)
      minitest (~> 5.1)
      tzinfo (~> 1.1)
    arel (8.0.0)
    bson (4.2.1)
    byebug (9.0.6)
    concurrent-ruby (1.0.5)
    diff-lcs (1.3)
    i18n (0.8.3)
    minitest (5.10.2)
    mongo (2.4.2)
      bson (>= 4.2.1, < 5.0.0)
    mongoid (6.1.0)
      activemodel (~> 5.0)
      mongo (>= 2.4.1, < 3.0.0)
    mustermann (1.0.0)
    pg (0.20.0-x64-mingw32)
    rack (2.0.3)
    rack-protection (2.0.0)
      rack
    rack-test (0.6.3)
      rack (>= 1.0)
    rspec (3.5.0)
      rspec-core (~> 3.5.0)
      rspec-expectations (~> 3.5.0)
      rspec-mocks (~> 3.5.0)
    rspec-core (3.5.4)
      rspec-support (~> 3.5.0)
    rspec-expectations (3.5.0)
      diff-lcs (>= 1.2.0, < 2.0)
      rspec-support (~> 3.5.0)
    rspec-mocks (3.5.0)
      diff-lcs (>= 1.2.0, < 2.0)
      rspec-support (~> 3.5.0)
    rspec-support (3.5.0)
    sinatra (2.0.0)
      mustermann (~> 1.0)
      rack (~> 2.0)
      rack-protection (= 2.0.0)
      tilt (~> 2.0)
    sinatra-activerecord (2.0.13)
      activerecord (>= 3.2)
      sinatra (>= 1.0)
    thread_safe (0.3.6)
    tilt (2.0.7)
    tzinfo (1.2.3)
      thread_safe (~> 0.1)

PLATFORMS
  x64-mingw32

DEPENDENCIES
  activerecord (~> 5.1, >= 5.1.1)
  byebug
  mongoid (~> 6.1, >= 6.1.0)
  pg (~> 0.19, >= 0.19.0)
  rack-test (~> 0.6, >= 0.6.3)
  rspec (~> 3.5, >= 3.5.0)
  sinatra (~> 2.0, >= 2.0.0)
  sinatra-activerecord (~> 2.0, >= 2.0.13)

RUBY VERSION
   ruby 2.2.6p396

BUNDLED WITH
   1.13.7
